GEM
  remote: https://rubygems.org/
  specs:
    asciidoctor (2.0.16)
    asciidoctor-revealjs (5.0.0.rc1)
      asciidoctor (>= 2.0.0, < 3.0.0)

PLATFORMS
  ruby

DEPENDENCIES
  asciidoctor-revealjs (>= 5.0.0.rc1)

BUNDLED WITH
   2.1.2
